Brain Vision Data Exchange Header File Version 1.0
; Data created from eeg_auswertung

[Common Infos]
DataFile=Messung_20140108_2_30salpha.eeg
MarkerFile=Messung_20140108_2_30salpha.vmrk
DataFormat=BINARY
; Data orientation: VECTORIZED=ch1,pt1, ch1,pt2..., MULTIPLEXED=ch1,pt1, ch2,pt1 ...
DataOrientation=MULTIPLEXED
NumberOfChannels=24
DataPoints=45000
; Sampling interval in microseconds if time domain (convert to Hertz:
SamplingInterval=4000

[Binary Infos]
BinaryFormat=IEEE_DOUBLE

[Channel Infos]
; Each entry: Ch<Channel number>=<Name>,<Reference channel name>,
; <Resolution in microvolts>,<Future extensions..
; Fields are delimited by commas, some fields might be omited (empty).
; Commas in channel names are coded as "".
Ch1=O2,,0.1,µV 
Ch2=Oz,,0.1,µV 
Ch3=PO8,,0.1,µV 
Ch4=PO3,,0.1,µV 
Ch5=POz,,0.1,µV 
Ch6=PO7,,0.1,µV 
Ch7=PO4,,0.1,µV 
Ch8=O1,,0.1,µV 
Ch9=P2,,0.1,µV 
Ch10=P1,,0.1,µV 
Ch11=Cz,,0.1,µV 
Ch12=C3,,0.1,µV 
Ch13=C4,,0.1,µV 
Ch14=T7,,0.1,µV 
Ch15=T8,,0.1,µV 
Ch16=F1,,0.1,µV 
Ch17=F2,,0.1,µV 
Ch18=AFz,,0.1,µV 
Ch19=AF4,,0.1,µV 
Ch20=AF3,,0.1,µV 
Ch21=FP2,,0.1,µV 
Ch22=FP1,,0.1,µV 
Ch23=AF8,,0.1,µV 
Ch24=AF7,,0.1,µV 

[Comment]
;Session information in comment section to maintain Brainvision format
emg_begin
version=3
classes#1.class_name=Eyes_closed
classes#1.trigger_bit=0
classes#2.class_name=Eyes_open
classes#2.trigger_bit=2
emg_end

